PATH
  remote: .
  specs:
    nagiosharder (0.3.0)
      activesupport
      hashie (~> 1.0.0)
      httparty (~> 0.6.1)
      i18n
      nokogiri
      rest-client (~> 1.6.1)
      terminal-table

GEM
  remote: http://rubygems.org/
  specs:
    activesupport (3.1.3)
      multi_json (~> 1.0)
    crack (0.1.8)
    diff-lcs (1.1.3)
    hashie (1.0.0)
    httparty (0.6.1)
      crack (= 0.1.8)
    i18n (0.6.0)
    mime-types (1.17.2)
    multi_json (1.0.4)
    nokogiri (1.5.0)
    rest-client (1.6.7)
      mime-types (>= 1.16)
    rspec (2.7.0)
      rspec-core (~> 2.7.0)
      rspec-expectations (~> 2.7.0)
      rspec-mocks (~> 2.7.0)
    rspec-core (2.7.1)
    rspec-expectations (2.7.0)
      diff-lcs (~> 1.1.2)
    rspec-mocks (2.7.0)
    terminal-table (1.4.4)

PLATFORMS
  ruby

DEPENDENCIES
  nagiosharder!
  rspec (>= 1.2.9)
