PATH
  remote: .
  specs:
    nagiosharder (0.4.0)
      activesupport
      hashie (~> 1.2.0)
      httparty (~> 0.8.3)
      i18n
      nokogiri
      rest-client (~> 1.6.1)
      terminal-table

GEM
  remote: http://rubygems.org/
  specs:
    activesupport (3.2.8)
      i18n (~> 0.6)
      multi_json (~> 1.0)
    diff-lcs (1.1.3)
    hashie (1.2.0)
    httparty (0.8.3)
      multi_json (~> 1.0)
      multi_xml
    i18n (0.6.1)
    mime-types (1.19)
    multi_json (1.3.6)
    multi_xml (0.5.1)
    nokogiri (1.5.5)
    rest-client (1.6.7)
      mime-types (>= 1.16)
    rspec (2.7.0)
      rspec-core (~> 2.7.0)
      rspec-expectations (~> 2.7.0)
      rspec-mocks (~> 2.7.0)
    rspec-core (2.7.1)
    rspec-expectations (2.7.0)
      diff-lcs (~> 1.1.2)
    rspec-mocks (2.7.0)
    terminal-table (1.4.5)

PLATFORMS
  ruby

DEPENDENCIES
  nagiosharder!
  rspec (>= 1.2.9)
